NUGET
  remote: https://api.nuget.org/v3/index.json
    Elmish.WPF (1.0.0-beta-2) - restriction: >= net461
    NAudio (1.8)
    runtime.debian.8-x64.runtime.native.System.Security.Cryptography.OpenSsl (4.3.1) - restriction: || (&& (< net45) (>= netstandard1.3) (< monotouch) (< xamarinios) (< xamarinmac)) (&& (>= netstandard1.3) (>= win81)) (&& (>= netstandard1.3) (>= wpa81))
    runtime.fedora.23-x64.runtime.native.System.Security.Cryptography.OpenSsl (4.3.1) - restriction: || (&& (< net45) (>= netstandard1.3) (< monotouch) (< xamarinios) (< xamarinmac)) (&& (>= netstandard1.3) (>= win81)) (&& (>= netstandard1.3) (>= wpa81))
    runtime.fedora.24-x64.runtime.native.System.Security.Cryptography.OpenSsl (4.3.1) - restriction: || (&& (< net45) (>= netstandard1.3) (< monotouch) (< xamarinios) (< xamarinmac)) (&& (>= netstandard1.3) (>= win81)) (&& (>= netstandard1.3) (>= wpa81))
    runtime.native.System.Security.Cryptography.OpenSsl (4.3.1) - restriction: || (&& (< net45) (>= netstandard1.3) (< monotouch) (< xamarinios) (< xamarinmac)) (&& (>= netstandard1.3) (>= win81)) (&& (>= netstandard1.3) (>= wpa81))
      runtime.debian.8-x64.runtime.native.System.Security.Cryptography.OpenSsl (>= 4.3.1)
      runtime.fedora.23-x64.runtime.native.System.Security.Cryptography.OpenSsl (>= 4.3.1)
      runtime.fedora.24-x64.runtime.native.System.Security.Cryptography.OpenSsl (>= 4.3.1)
      runtime.opensuse.13.2-x64.runtime.native.System.Security.Cryptography.OpenSsl (>= 4.3.1)
      runtime.opensuse.42.1-x64.runtime.native.System.Security.Cryptography.OpenSsl (>= 4.3.1)
      runtime.osx.10.10-x64.runtime.native.System.Security.Cryptography.OpenSsl (>= 4.3.1)
      runtime.rhel.7-x64.runtime.native.System.Security.Cryptography.OpenSsl (>= 4.3.1)
      runtime.ubuntu.14.04-x64.runtime.native.System.Security.Cryptography.OpenSsl (>= 4.3.1)
      runtime.ubuntu.16.04-x64.runtime.native.System.Security.Cryptography.OpenSsl (>= 4.3.1)
      runtime.ubuntu.16.10-x64.runtime.native.System.Security.Cryptography.OpenSsl (>= 4.3.1)
    runtime.opensuse.13.2-x64.runtime.native.System.Security.Cryptography.OpenSsl (4.3.1) - restriction: || (&& (< net45) (>= netstandard1.3) (< monotouch) (< xamarinios) (< xamarinmac)) (&& (>= netstandard1.3) (>= win81)) (&& (>= netstandard1.3) (>= wpa81))
    runtime.opensuse.42.1-x64.runtime.native.System.Security.Cryptography.OpenSsl (4.3.1) - restriction: || (&& (< net45) (>= netstandard1.3) (< monotouch) (< xamarinios) (< xamarinmac)) (&& (>= netstandard1.3) (>= win81)) (&& (>= netstandard1.3) (>= wpa81))
    runtime.osx.10.10-x64.runtime.native.System.Security.Cryptography.OpenSsl (4.3.1) - restriction: || (&& (< net45) (>= netstandard1.3) (< monotouch) (< xamarinios) (< xamarinmac)) (&& (>= netstandard1.3) (>= win81)) (&& (>= netstandard1.3) (>= wpa81))
    runtime.rhel.7-x64.runtime.native.System.Security.Cryptography.OpenSsl (4.3.1) - restriction: || (&& (< net45) (>= netstandard1.3) (< monotouch) (< xamarinios) (< xamarinmac)) (&& (>= netstandard1.3) (>= win81)) (&& (>= netstandard1.3) (>= wpa81))
    runtime.ubuntu.14.04-x64.runtime.native.System.Security.Cryptography.OpenSsl (4.3.1) - restriction: || (&& (< net45) (>= netstandard1.3) (< monotouch) (< xamarinios) (< xamarinmac)) (&& (>= netstandard1.3) (>= win81)) (&& (>= netstandard1.3) (>= wpa81))
    runtime.ubuntu.16.04-x64.runtime.native.System.Security.Cryptography.OpenSsl (4.3.1) - restriction: || (&& (< net45) (>= netstandard1.3) (< monotouch) (< xamarinios) (< xamarinmac)) (&& (>= netstandard1.3) (>= win81)) (&& (>= netstandard1.3) (>= wpa81))
    runtime.ubuntu.16.10-x64.runtime.native.System.Security.Cryptography.OpenSsl (4.3.1) - restriction: || (&& (< net45) (>= netstandard1.3) (< monotouch) (< xamarinios) (< xamarinmac)) (&& (>= netstandard1.3) (>= win81)) (&& (>= netstandard1.3) (>= wpa81))
    System.Net.Http (4.3.2) - restriction: || (&& (< net45) (>= netstandard1.1)) (&& (>= netstandard1.1) (>= win81)) (>= wpa81)
    System.Reactive (3.1.1)
      System.Reactive.PlatformServices (>= 3.1.1)
      System.Reactive.Windows.Threading (>= 3.1.1) - restriction: || (>= net45) (>= win81) (>= wpa81)
      System.Reactive.WindowsRuntime (>= 3.1.1) - restriction: || (>= win81) (>= wpa81)
    System.Reactive.Core (3.1.1) - restriction: || (>= netstandard1.0) (>= win81)
      System.ComponentModel (>= 4.0.1) - restriction: || (&& (< net45) (>= netstandard1.0)) (>= netcore1.0)
      System.Diagnostics.Contracts (>= 4.0.1) - restriction: || (&& (< net45) (>= netstandard1.0)) (>= netcore1.0)
      System.Dynamic.Runtime (>= 4.0.11) - restriction: || (&& (< net45) (>= netstandard1.0)) (>= netcore1.0)
      System.Reactive.Interfaces (>= 3.1.1) - restriction: >= netstandard1.0
    System.Reactive.Interfaces (3.1.1) - restriction: >= netstandard1.0
      NETStandard.Library (>= 1.6) - restriction: && (< net45) (>= netstandard1.0)
    System.Reactive.Linq (3.1.1)
      System.Reactive.Core (>= 3.1.1) - restriction: >= netstandard1.0
      System.Runtime.InteropServices.WindowsRuntime (>= 4.0.1) - restriction: && (< net45) (>= netstandard1.0)
    System.Reactive.PlatformServices (3.1.1)
      System.Reactive.Linq (>= 3.1.1)
    System.Reactive.Windows.Threading (3.1.1) - restriction: || (>= net45) (>= win81) (>= wpa81)
      System.Reactive.Core (>= 3.1.1)
    System.Reactive.WindowsRuntime (3.1.1) - restriction: || (>= win81) (>= wpa81)
      System.Reactive.Linq (>= 3.1.1)
    System.Runtime.InteropServices.WindowsRuntime (4.3) - restriction: && (< net45) (>= netstandard1.0)
      System.Runtime (>= 4.3) - restriction: || (&& (< net45) (>= netstandard1.0) (< monotouch) (< xamarinios) (< xamarinmac) (< win8) (< wp8) (< wpa81)) (>= dnxcore50)
    System.ValueTuple (4.3.1) - restriction: >= net461
  remote: C:\Users\stovinj\.dotnet\NuGetFallbackFolder
    Microsoft.NETCore.Platforms (1.1.0) - restriction: || (&& (< net45) (>= netstandard1.0)) (&& (< net45) (>= netstandard1.2) (< netstandard1.3) (< monoandroid) (< win8)) (&& (< net45) (>= netstandard1.3) (< netstandard1.5) (< monoandroid) (< win8)) (&& (< net45) (>= netstandard1.3) (< monotouch) (< xamarinios) (< xamarinmac)) (&& (< net45) (>= netstandard1.5) (< monotouch) (< xamarinios) (< xamarinmac)) (&& (>= dnxcore50) (>= netstandard1.0)) (&& (>= dnxcore50) (>= netstandard1.2)) (&& (>= dnxcore50) (>= netstandard1.3)) (&& (>= dnxcore50) (>= netstandard1.5)) (&& (>= netstandard1.0) (>= win81)) (&& (>= netstandard1.3) (>= win81)) (>= wpa81)
    Microsoft.NETCore.Targets (1.1.0) - restriction: || (&& (< net45) (>= netstandard1.0) (< netstandard1.2) (< monoandroid) (< win8) (< wp8)) (&& (< net45) (>= netstandard1.2) (< netstandard1.3) (< monoandroid) (< win8) (< wpa81)) (&& (< net45) (>= netstandard1.3) (< netstandard1.5) (< monoandroid) (< win8) (< wpa81)) (&& (< net45) (>= netstandard1.3) (< monotouch) (< xamarinios) (< xamarinmac)) (&& (< net45) (>= netstandard1.5) (< monotouch) (< xamarinios) (< xamarinmac)) (&& (>= dnxcore50) (>= netstandard1.0)) (&& (>= dnxcore50) (>= netstandard1.2)) (&& (>= dnxcore50) (>= netstandard1.3)) (&& (>= dnxcore50) (>= netstandard1.5)) (&& (>= netstandard1.3) (>= win81)) (&& (>= netstandard1.3) (>= wpa81))
    Microsoft.Win32.Primitives (4.3.0) - restriction: || (&& (< net45) (>= netstandard1.3)) (&& (>= netstandard1.3) (>= win81)) (&& (>= netstandard1.3) (>= wpa81))
      Microsoft.NETCore.Platforms (>= 1.1) - restriction: && (< net46) (>= netstandard1.3) (< monotouch) (< xamarinios) (< xamarinmac)
      Microsoft.NETCore.Targets (>= 1.1) - restriction: && (< net46) (>= netstandard1.3) (< monotouch) (< xamarinios) (< xamarinmac)
      System.Runtime (>= 4.3) - restriction: && (< net46) (>= netstandard1.3) (< monotouch) (< xamarinios) (< xamarinmac)
    NETStandard.Library (1.6.1) - restriction: || (&& (< net45) (>= netstandard1.0)) (&& (>= netstandard1.0) (>= win81)) (>= wpa81)
      Microsoft.NETCore.Platforms (>= 1.1) - restriction: >= netstandard1.0
      Microsoft.Win32.Primitives (>= 4.3) - restriction: >= netstandard1.3
      System.AppContext (>= 4.3) - restriction: >= netstandard1.3
      System.Collections (>= 4.3) - restriction: >= netstandard1.0
      System.Collections.Concurrent (>= 4.3) - restriction: >= netstandard1.1
      System.Console (>= 4.3) - restriction: >= netstandard1.3
      System.Diagnostics.Debug (>= 4.3) - restriction: >= netstandard1.0
      System.Diagnostics.Tools (>= 4.3) - restriction: >= netstandard1.0
      System.Diagnostics.Tracing (>= 4.3) - restriction: >= netstandard1.1
      System.Globalization (>= 4.3) - restriction: >= netstandard1.0
      System.Globalization.Calendars (>= 4.3) - restriction: >= netstandard1.3
      System.IO (>= 4.3) - restriction: >= netstandard1.0
      System.IO.Compression (>= 4.3) - restriction: >= netstandard1.1
      System.IO.Compression.ZipFile (>= 4.3) - restriction: >= netstandard1.3
      System.IO.FileSystem (>= 4.3) - restriction: >= netstandard1.3
      System.IO.FileSystem.Primitives (>= 4.3) - restriction: >= netstandard1.3
      System.Linq (>= 4.3) - restriction: >= netstandard1.0
      System.Linq.Expressions (>= 4.3) - restriction: >= netstandard1.0
      System.Net.Http (>= 4.3) - restriction: >= netstandard1.1
      System.Net.Primitives (>= 4.3) - restriction: >= netstandard1.0
      System.Net.Sockets (>= 4.3) - restriction: >= netstandard1.3
      System.ObjectModel (>= 4.3) - restriction: >= netstandard1.0
      System.Reflection (>= 4.3) - restriction: >= netstandard1.0
      System.Reflection.Extensions (>= 4.3) - restriction: >= netstandard1.0
      System.Reflection.Primitives (>= 4.3) - restriction: >= netstandard1.0
      System.Resources.ResourceManager (>= 4.3) - restriction: >= netstandard1.0
      System.Runtime (>= 4.3) - restriction: >= netstandard1.0
      System.Runtime.Extensions (>= 4.3) - restriction: >= netstandard1.0
      System.Runtime.Handles (>= 4.3) - restriction: >= netstandard1.3
      System.Runtime.InteropServices (>= 4.3) - restriction: >= netstandard1.1
      System.Runtime.InteropServices.RuntimeInformation (>= 4.3) - restriction: >= netstandard1.1
      System.Runtime.Numerics (>= 4.3) - restriction: >= netstandard1.1
      System.Security.Cryptography.Algorithms (>= 4.3) - restriction: >= netstandard1.3
      System.Security.Cryptography.Encoding (>= 4.3) - restriction: >= netstandard1.3
      System.Security.Cryptography.Primitives (>= 4.3) - restriction: >= netstandard1.3
      System.Security.Cryptography.X509Certificates (>= 4.3) - restriction: >= netstandard1.3
      System.Text.Encoding (>= 4.3) - restriction: >= netstandard1.0
      System.Text.Encoding.Extensions (>= 4.3) - restriction: >= netstandard1.0
      System.Text.RegularExpressions (>= 4.3) - restriction: >= netstandard1.0
      System.Threading (>= 4.3) - restriction: >= netstandard1.0
      System.Threading.Tasks (>= 4.3) - restriction: >= netstandard1.0
      System.Threading.Timer (>= 4.3) - restriction: >= netstandard1.2
      System.Xml.ReaderWriter (>= 4.3) - restriction: >= netstandard1.0
      System.Xml.XDocument (>= 4.3) - restriction: >= netstandard1.0
    System.AppContext (4.3.0) - restriction: || (&& (< net45) (>= netstandard1.3)) (&& (>= netstandard1.3) (>= win81)) (&& (>= netstandard1.3) (>= wpa81))
      System.Runtime (>= 4.3) - restriction: || (&& (< net46) (>= netstandard1.3) (< netstandard1.6) (< monoandroid)) (>= dnxcore50) (&& (>= netstandard1.6) (< monotouch) (< xamarinios) (< xamarinmac))
    System.Buffers (4.3.0) - restriction: || (&& (< net45) (>= netstandard1.3) (< monotouch) (< xamarinios) (< xamarinmac)) (&& (>= netstandard1.3) (>= win81)) (&& (>= netstandard1.3) (>= wpa81))
    System.Collections (4.3.0) - restriction: || (&& (< net45) (>= netstandard1.0)) (&& (< net45) (>= netstandard1.3) (< monotouch) (< xamarinios) (< xamarinmac)) (&& (>= netstandard1.0) (>= win81)) (&& (>= netstandard1.3) (>= win81)) (>= wpa81)
    System.Collections.Concurrent (4.3.0) - restriction: || (&& (< net45) (>= netstandard1.1)) (&& (< net45) (>= netstandard1.3) (< monotouch) (< xamarinios) (< xamarinmac)) (&& (>= netstandard1.1) (>= win81)) (&& (>= netstandard1.3) (>= win81)) (>= wpa81)
    System.ComponentModel (4.3.0) - restriction: || (&& (< net45) (>= netstandard1.0)) (&& (>= netstandard1.0) (>= win81)) (>= netcore1.0) (>= wpa81)
    System.Console (4.3.0) - restriction: || (&& (< net45) (>= netstandard1.3)) (&& (>= netstandard1.3) (>= win81)) (&& (>= netstandard1.3) (>= wpa81))
      Microsoft.NETCore.Platforms (>= 1.1) - restriction: && (< net46) (>= netstandard1.3) (< monotouch) (< xamarinios) (< xamarinmac)
      Microsoft.NETCore.Targets (>= 1.1) - restriction: && (< net46) (>= netstandard1.3) (< monotouch) (< xamarinios) (< xamarinmac)
      System.IO (>= 4.3) - restriction: && (< net46) (>= netstandard1.3) (< monotouch) (< xamarinios) (< xamarinmac)
      System.Runtime (>= 4.3) - restriction: && (< net46) (>= netstandard1.3) (< monotouch) (< xamarinios) (< xamarinmac)
      System.Text.Encoding (>= 4.3) - restriction: && (< net46) (>= netstandard1.3) (< monotouch) (< xamarinios) (< xamarinmac)
    System.Diagnostics.Contracts (4.3.0) - restriction: || (&& (< net45) (>= netstandard1.0)) (&& (>= netstandard1.0) (>= win81)) (>= netcore1.0) (>= wpa81)
    System.Diagnostics.Debug (4.3.0) - restriction: || (&& (< net45) (>= netstandard1.0)) (&& (< net45) (>= netstandard1.3) (< monotouch) (< xamarinios) (< xamarinmac)) (&& (>= netstandard1.0) (>= win81)) (&& (>= netstandard1.3) (>= win81)) (>= wpa81)
    System.Diagnostics.Tools (4.3.0) - restriction: || (&& (< net45) (>= netstandard1.0)) (&& (>= netstandard1.0) (>= win81)) (>= wpa81)
    System.Diagnostics.Tracing (4.3.0) - restriction: || (&& (< net45) (>= netstandard1.1)) (&& (>= netstandard1.1) (>= win81)) (>= wpa81)
    System.Dynamic.Runtime (4.3.0) - restriction: || (&& (< net45) (>= netstandard1.0)) (&& (>= netstandard1.0) (>= win81)) (>= netcore1.0) (>= wpa81)
    System.Globalization (4.3.0) - restriction: || (&& (< net45) (>= netstandard1.0)) (&& (< net45) (>= netstandard1.3) (< monotouch) (< xamarinios) (< xamarinmac)) (&& (>= netstandard1.0) (>= win81)) (&& (>= netstandard1.3) (>= win81)) (>= wpa81)
    System.Globalization.Calendars (4.3.0) - restriction: || (&& (< net45) (>= netstandard1.3)) (&& (>= netstandard1.3) (>= win81)) (&& (>= netstandard1.3) (>= wpa81))
      Microsoft.NETCore.Platforms (>= 1.1) - restriction: && (< net46) (>= netstandard1.3) (< monotouch) (< xamarinios) (< xamarinmac)
      Microsoft.NETCore.Targets (>= 1.1) - restriction: && (< net46) (>= netstandard1.3) (< monotouch) (< xamarinios) (< xamarinmac)
      System.Globalization (>= 4.3) - restriction: && (< net46) (>= netstandard1.3) (< monotouch) (< xamarinios) (< xamarinmac)
      System.Runtime (>= 4.3) - restriction: && (< net46) (>= netstandard1.3) (< monotouch) (< xamarinios) (< xamarinmac)
    System.IO (4.3.0) - restriction: || (&& (< net45) (>= net463)) (&& (< net45) (>= netstandard1.0)) (&& (< net45) (>= netstandard1.3) (< netstandard1.4) (< monoandroid)) (&& (< net45) (>= netstandard1.3) (< monotouch) (< xamarinios) (< xamarinmac)) (&& (< net45) (>= netstandard1.4) (< netstandard1.6) (< monoandroid)) (&& (>= net463) (>= win81)) (&& (>= dnxcore50) (>= netstandard1.3)) (&& (>= netstandard1.0) (>= win81)) (&& (>= netstandard1.3) (>= win81)) (&& (>= netstandard1.4) (>= win81)) (&& (>= netstandard1.6) (< monotouch) (< xamarinios) (< xamarinmac)) (&& (>= netstandard1.6) (>= win81)) (>= wpa81)
    System.IO.Compression (4.3.0) - restriction: || (&& (< net45) (>= netstandard1.1)) (&& (< net45) (>= netstandard1.3) (< monotouch) (< xamarinios) (< xamarinmac)) (&& (>= netstandard1.1) (>= win81)) (&& (>= netstandard1.3) (>= win81)) (>= wpa81)
    System.IO.Compression.ZipFile (4.3.0) - restriction: || (&& (< net45) (>= netstandard1.3)) (&& (>= netstandard1.3) (>= win81)) (&& (>= netstandard1.3) (>= wpa81))
      System.Buffers (>= 4.3) - restriction: && (< net46) (>= netstandard1.3) (< monotouch) (< xamarinios) (< xamarinmac)
      System.IO (>= 4.3) - restriction: && (< net46) (>= netstandard1.3) (< monotouch) (< xamarinios) (< xamarinmac)
      System.IO.Compression (>= 4.3) - restriction: && (< net46) (>= netstandard1.3) (< monotouch) (< xamarinios) (< xamarinmac)
      System.IO.FileSystem (>= 4.3) - restriction: && (< net46) (>= netstandard1.3) (< monotouch) (< xamarinios) (< xamarinmac)
      System.IO.FileSystem.Primitives (>= 4.3) - restriction: && (< net46) (>= netstandard1.3) (< monotouch) (< xamarinios) (< xamarinmac)
      System.Resources.ResourceManager (>= 4.3) - restriction: && (< net46) (>= netstandard1.3) (< monotouch) (< xamarinios) (< xamarinmac)
      System.Runtime (>= 4.3) - restriction: && (< net46) (>= netstandard1.3) (< monotouch) (< xamarinios) (< xamarinmac)
      System.Runtime.Extensions (>= 4.3) - restriction: && (< net46) (>= netstandard1.3) (< monotouch) (< xamarinios) (< xamarinmac)
      System.Text.Encoding (>= 4.3) - restriction: && (< net46) (>= netstandard1.3) (< monotouch) (< xamarinios) (< xamarinmac)
    System.IO.FileSystem (4.3.0) - restriction: || (&& (< net45) (>= netstandard1.3)) (&& (>= netstandard1.3) (>= win81)) (&& (>= netstandard1.3) (>= wpa81))
      Microsoft.NETCore.Platforms (>= 1.1) - restriction: && (< net46) (>= netstandard1.3) (< monotouch) (< xamarinios) (< xamarinmac)
      Microsoft.NETCore.Targets (>= 1.1) - restriction: && (< net46) (>= netstandard1.3) (< monotouch) (< xamarinios) (< xamarinmac)
      System.IO (>= 4.3) - restriction: && (< net46) (>= netstandard1.3) (< monotouch) (< xamarinios) (< xamarinmac)
      System.IO.FileSystem.Primitives (>= 4.3) - restriction: || (>= net46) (&& (>= netstandard1.3) (< monotouch) (< xamarinios) (< xamarinmac))
      System.Runtime (>= 4.3) - restriction: && (< net46) (>= netstandard1.3) (< monotouch) (< xamarinios) (< xamarinmac)
      System.Runtime.Handles (>= 4.3) - restriction: && (< net46) (>= netstandard1.3) (< monotouch) (< xamarinios) (< xamarinmac)
      System.Text.Encoding (>= 4.3) - restriction: && (< net46) (>= netstandard1.3) (< monotouch) (< xamarinios) (< xamarinmac)
      System.Threading.Tasks (>= 4.3) - restriction: && (< net46) (>= netstandard1.3) (< monotouch) (< xamarinios) (< xamarinmac)
    System.IO.FileSystem.Primitives (4.3.0) - restriction: || (&& (< net45) (>= net46)) (&& (< net45) (>= netstandard1.3)) (&& (>= net46) (>= win81)) (&& (>= net46) (>= wpa81)) (&& (>= netstandard1.3) (>= win81)) (&& (>= netstandard1.3) (>= wpa81))
      System.Runtime (>= 4.3) - restriction: && (< net46) (>= netstandard1.3) (< monotouch) (< xamarinios) (< xamarinmac)
    System.Linq (4.3.0) - restriction: || (&& (< net45) (>= netstandard1.0)) (&& (< net45) (>= netstandard1.3) (< monotouch) (< xamarinios) (< xamarinmac)) (&& (>= netstandard1.0) (>= win81)) (&& (>= netstandard1.3) (>= win81)) (>= wpa81)
    System.Linq.Expressions (4.3.0) - restriction: || (&& (< net45) (>= netstandard1.0)) (&& (>= netstandard1.0) (>= win81)) (>= wpa81)
    System.Net.Primitives (4.3.0) - restriction: || (&& (< net45) (>= netstandard1.0)) (&& (< net45) (>= netstandard1.3) (< monotouch) (< xamarinios) (< xamarinmac)) (&& (>= netstandard1.0) (>= win81)) (&& (>= netstandard1.3) (>= win81)) (>= wpa81)
    System.Net.Sockets (4.3.0) - restriction: || (&& (< net45) (>= netstandard1.3)) (&& (>= netstandard1.3) (>= win81)) (&& (>= netstandard1.3) (>= wpa81))
      Microsoft.NETCore.Platforms (>= 1.1) - restriction: && (< net46) (>= netstandard1.3) (< monotouch) (< xamarinios) (< xamarinmac)
      Microsoft.NETCore.Targets (>= 1.1) - restriction: && (< net46) (>= netstandard1.3) (< monotouch) (< xamarinios) (< xamarinmac)
      System.IO (>= 4.3) - restriction: && (< net46) (>= netstandard1.3) (< monotouch) (< xamarinios) (< xamarinmac)
      System.Net.Primitives (>= 4.3) - restriction: && (< net46) (>= netstandard1.3) (< monotouch) (< xamarinios) (< xamarinmac)
      System.Runtime (>= 4.3) - restriction: && (< net46) (>= netstandard1.3) (< monotouch) (< xamarinios) (< xamarinmac)
      System.Threading.Tasks (>= 4.3) - restriction: && (< net46) (>= netstandard1.3) (< monotouch) (< xamarinios) (< xamarinmac)
    System.ObjectModel (4.3.0) - restriction: || (&& (< net45) (>= netstandard1.0)) (&& (>= netstandard1.0) (>= win81)) (>= wpa81)
    System.Reflection (4.3.0) - restriction: || (&& (< net45) (>= netstandard1.0)) (&& (>= netstandard1.0) (>= win81)) (>= wpa81)
    System.Reflection.Extensions (4.3.0) - restriction: || (&& (< net45) (>= netstandard1.0)) (&& (>= netstandard1.0) (>= win81)) (>= wpa81)
    System.Reflection.Primitives (4.3.0) - restriction: || (&& (< net45) (>= netstandard1.0)) (&& (>= netstandard1.0) (>= win81)) (>= wpa81)
    System.Resources.ResourceManager (4.3.0) - restriction: || (&& (< net45) (>= netstandard1.0)) (&& (< net45) (>= netstandard1.3) (< monotouch) (< xamarinios) (< xamarinmac)) (&& (>= netstandard1.0) (>= win81)) (&& (>= netstandard1.3) (>= win81)) (>= wpa81)
    System.Runtime (4.3.0) - restriction: || (&& (< net45) (>= net463)) (&& (< net45) (>= netstandard1.0)) (&& (< net45) (>= netstandard1.3) (< netstandard1.4) (< monoandroid)) (&& (< net45) (>= netstandard1.3) (< netstandard1.6) (< monoandroid)) (&& (< net45) (>= netstandard1.3) (< monotouch) (< xamarinios) (< xamarinmac)) (&& (< net45) (>= netstandard1.4) (< netstandard1.6) (< monoandroid)) (&& (>= net463) (>= win81)) (&& (>= dnxcore50) (>= netstandard1.0)) (&& (>= dnxcore50) (>= netstandard1.3)) (&& (>= netstandard1.0) (>= win81)) (&& (>= netstandard1.3) (>= win81)) (&& (>= netstandard1.4) (>= win81)) (&& (>= netstandard1.6) (< monotouch) (< xamarinios) (< xamarinmac)) (&& (>= netstandard1.6) (>= win81)) (>= wpa81)
      Microsoft.NETCore.Platforms (>= 1.1) - restriction: || (&& (< net45) (>= netstandard1.0) (< netstandard1.2) (< monoandroid) (< win8) (< wp8)) (&& (< net45) (>= netstandard1.2) (< netstandard1.3) (< monoandroid) (< win8) (< wpa81)) (&& (< net45) (>= netstandard1.3) (< netstandard1.5) (< monoandroid) (< win8) (< wpa81)) (&& (< net45) (>= netstandard1.5) (< monotouch) (< xamarinios) (< xamarinmac)) (>= dnxcore50)
      Microsoft.NETCore.Targets (>= 1.1) - restriction: || (&& (< net45) (>= netstandard1.0) (< netstandard1.2) (< monoandroid) (< win8) (< wp8)) (&& (< net45) (>= netstandard1.2) (< netstandard1.3) (< monoandroid) (< win8) (< wpa81)) (&& (< net45) (>= netstandard1.3) (< netstandard1.5) (< monoandroid) (< win8) (< wpa81)) (&& (< net45) (>= netstandard1.5) (< monotouch) (< xamarinios) (< xamarinmac)) (>= dnxcore50)
    System.Runtime.Extensions (4.3.0) - restriction: || (&& (< net45) (>= netstandard1.0)) (&& (< net45) (>= netstandard1.3) (< monotouch) (< xamarinios) (< xamarinmac)) (&& (>= netstandard1.0) (>= win81)) (&& (>= netstandard1.3) (>= win81)) (>= wpa81)
    System.Runtime.Handles (4.3.0) - restriction: || (&& (< net45) (>= netstandard1.3)) (&& (< net45) (>= netstandard1.4) (< netstandard1.6) (< monoandroid)) (&& (>= dnxcore50) (>= netstandard1.3)) (&& (>= netstandard1.3) (>= win81)) (&& (>= netstandard1.3) (>= wpa81)) (&& (>= netstandard1.4) (>= win81)) (&& (>= netstandard1.4) (>= wpa81)) (&& (>= netstandard1.6) (< monotouch) (< xamarinios) (< xamarinmac)) (&& (>= netstandard1.6) (>= win81)) (&& (>= netstandard1.6) (>= wpa81))
      Microsoft.NETCore.Platforms (>= 1.1) - restriction: && (< net46) (>= netstandard1.3) (< monotouch) (< xamarinios) (< xamarinmac)
      Microsoft.NETCore.Targets (>= 1.1) - restriction: && (< net46) (>= netstandard1.3) (< monotouch) (< xamarinios) (< xamarinmac)
      System.Runtime (>= 4.3) - restriction: && (< net46) (>= netstandard1.3) (< monotouch) (< xamarinios) (< xamarinmac)
    System.Runtime.InteropServices (4.3.0) - restriction: || (&& (< net45) (>= netstandard1.1)) (&& (< net45) (>= netstandard1.3) (< monotouch) (< xamarinios) (< xamarinmac)) (&& (>= netstandard1.1) (>= win81)) (&& (>= netstandard1.3) (>= win81)) (>= wpa81)
    System.Runtime.InteropServices.RuntimeInformation (4.3.0) - restriction: || (&& (< net45) (>= netstandard1.1)) (&& (>= netstandard1.1) (>= win81)) (>= wpa81)
    System.Runtime.Numerics (4.3.0) - restriction: || (&& (< net45) (>= netstandard1.1)) (&& (>= netstandard1.1) (>= win81)) (>= wpa81)
    System.Security.Cryptography.Algorithms (4.3.0) - restriction: || (&& (< net45) (>= net46) (< netstandard1.4)) (&& (< net45) (>= net461)) (&& (< net45) (>= netstandard1.3)) (&& (< net45) (>= netstandard1.4) (< netstandard1.6) (< monoandroid)) (&& (>= net46) (< netstandard1.4) (>= win81)) (&& (>= net46) (< netstandard1.4) (>= wpa81)) (&& (>= net461) (>= win81)) (&& (>= net461) (>= wpa81)) (&& (>= dnxcore50) (>= netstandard1.3)) (&& (>= netstandard1.3) (>= win81)) (&& (>= netstandard1.3) (>= wpa81)) (&& (>= netstandard1.4) (>= win81)) (&& (>= netstandard1.4) (>= wpa81)) (&& (>= netstandard1.6) (< monotouch) (< xamarinios) (< xamarinmac)) (&& (>= netstandard1.6) (>= win81)) (&& (>= netstandard1.6) (>= wpa81))
      System.IO (>= 4.3) - restriction: || (&& (< net46) (>= netstandard1.3) (< netstandard1.4) (< monoandroid)) (&& (< net46) (>= netstandard1.4) (< netstandard1.6) (< monoandroid)) (>= net463) (>= dnxcore50) (&& (>= netstandard1.6) (< monotouch) (< xamarinios) (< xamarinmac))
      System.Runtime (>= 4.3) - restriction: || (&& (< net46) (>= netstandard1.3) (< netstandard1.4) (< monoandroid)) (&& (< net46) (>= netstandard1.4) (< netstandard1.6) (< monoandroid)) (>= net463) (>= dnxcore50) (&& (>= netstandard1.6) (< monotouch) (< xamarinios) (< xamarinmac))
      System.Security.Cryptography.Primitives (>= 4.3) - restriction: || (&& (>= net46) (< netstandard1.4)) (&& (< net46) (>= netstandard1.3) (< netstandard1.4) (< monoandroid)) (&& (< net46) (>= netstandard1.4) (< netstandard1.6) (< monoandroid)) (>= net461) (>= dnxcore50) (&& (>= netstandard1.6) (< monotouch) (< xamarinios) (< xamarinmac))
    System.Security.Cryptography.Encoding (4.3.0) - restriction: || (&& (< net45) (>= net46) (< netstandard1.4)) (&& (< net45) (>= net461)) (&& (< net45) (>= netstandard1.3)) (&& (< net45) (>= netstandard1.4) (< netstandard1.6) (< monoandroid)) (&& (>= net46) (< netstandard1.4) (>= win81)) (&& (>= net46) (< netstandard1.4) (>= wpa81)) (&& (>= net461) (>= win81)) (&& (>= net461) (>= wpa81)) (&& (>= dnxcore50) (>= netstandard1.3)) (&& (>= netstandard1.3) (>= win81)) (&& (>= netstandard1.3) (>= wpa81)) (&& (>= netstandard1.4) (>= win81)) (&& (>= netstandard1.4) (>= wpa81)) (&& (>= netstandard1.6) (< monotouch) (< xamarinios) (< xamarinmac)) (&& (>= netstandard1.6) (>= win81)) (&& (>= netstandard1.6) (>= wpa81))
      Microsoft.NETCore.Platforms (>= 1.1) - restriction: && (< net46) (>= netstandard1.3) (< monotouch) (< xamarinios) (< xamarinmac)
      runtime.native.System.Security.Cryptography.OpenSsl (>= 4.3) - restriction: && (< net46) (>= netstandard1.3) (< monotouch) (< xamarinios) (< xamarinmac)
      System.Collections (>= 4.3) - restriction: && (< net46) (>= netstandard1.3) (< monotouch) (< xamarinios) (< xamarinmac)
      System.Collections.Concurrent (>= 4.3) - restriction: && (< net46) (>= netstandard1.3) (< monotouch) (< xamarinios) (< xamarinmac)
      System.Linq (>= 4.3) - restriction: && (< net46) (>= netstandard1.3) (< monotouch) (< xamarinios) (< xamarinmac)
      System.Resources.ResourceManager (>= 4.3) - restriction: && (< net46) (>= netstandard1.3) (< monotouch) (< xamarinios) (< xamarinmac)
      System.Runtime (>= 4.3) - restriction: && (< net46) (>= netstandard1.3) (< monotouch) (< xamarinios) (< xamarinmac)
      System.Runtime.Extensions (>= 4.3) - restriction: && (< net46) (>= netstandard1.3) (< monotouch) (< xamarinios) (< xamarinmac)
      System.Runtime.Handles (>= 4.3) - restriction: && (< net46) (>= netstandard1.3) (< monotouch) (< xamarinios) (< xamarinmac)
      System.Runtime.InteropServices (>= 4.3) - restriction: && (< net46) (>= netstandard1.3) (< monotouch) (< xamarinios) (< xamarinmac)
      System.Security.Cryptography.Primitives (>= 4.3) - restriction: && (< net46) (>= netstandard1.3) (< monotouch) (< xamarinios) (< xamarinmac)
      System.Text.Encoding (>= 4.3) - restriction: && (< net46) (>= netstandard1.3) (< monotouch) (< xamarinios) (< xamarinmac)
    System.Security.Cryptography.Primitives (4.3.0) - restriction: || (&& (< net45) (>= net46) (< netstandard1.4)) (&& (< net45) (>= net461)) (&& (< net45) (>= netstandard1.3)) (&& (< net45) (>= netstandard1.4) (< netstandard1.6) (< monoandroid)) (&& (>= net46) (< netstandard1.4) (>= win81)) (&& (>= net46) (< netstandard1.4) (>= wpa81)) (&& (>= net461) (>= win81)) (&& (>= net461) (>= wpa81)) (&& (>= dnxcore50) (>= netstandard1.3)) (&& (>= netstandard1.3) (>= win81)) (&& (>= netstandard1.3) (>= wpa81)) (&& (>= netstandard1.4) (>= win81)) (&& (>= netstandard1.4) (>= wpa81)) (&& (>= netstandard1.6) (< monotouch) (< xamarinios) (< xamarinmac)) (&& (>= netstandard1.6) (>= win81)) (&& (>= netstandard1.6) (>= wpa81))
      System.Diagnostics.Debug (>= 4.3) - restriction: && (< net46) (>= netstandard1.3) (< monotouch) (< xamarinios) (< xamarinmac)
      System.Globalization (>= 4.3) - restriction: && (< net46) (>= netstandard1.3) (< monotouch) (< xamarinios) (< xamarinmac)
      System.IO (>= 4.3) - restriction: && (< net46) (>= netstandard1.3) (< monotouch) (< xamarinios) (< xamarinmac)
      System.Resources.ResourceManager (>= 4.3) - restriction: && (< net46) (>= netstandard1.3) (< monotouch) (< xamarinios) (< xamarinmac)
      System.Runtime (>= 4.3) - restriction: && (< net46) (>= netstandard1.3) (< monotouch) (< xamarinios) (< xamarinmac)
      System.Threading (>= 4.3) - restriction: && (< net46) (>= netstandard1.3) (< monotouch) (< xamarinios) (< xamarinmac)
      System.Threading.Tasks (>= 4.3) - restriction: && (< net46) (>= netstandard1.3) (< monotouch) (< xamarinios) (< xamarinmac)
    System.Security.Cryptography.X509Certificates (4.3.0) - restriction: || (&& (< net45) (>= netstandard1.3)) (&& (>= netstandard1.3) (>= win81)) (&& (>= netstandard1.3) (>= wpa81))
      System.Runtime (>= 4.3) - restriction: || (&& (< net46) (>= netstandard1.3) (< netstandard1.4) (< monoandroid)) (&& (< net46) (>= netstandard1.4) (< netstandard1.6) (< monoandroid)) (>= dnxcore50) (&& (>= netstandard1.6) (< monotouch) (< xamarinios) (< xamarinmac))
      System.Runtime.Handles (>= 4.3) - restriction: || (&& (< net46) (>= netstandard1.3) (< netstandard1.4) (< monoandroid)) (&& (< net46) (>= netstandard1.4) (< netstandard1.6) (< monoandroid)) (>= dnxcore50) (&& (>= netstandard1.6) (< monotouch) (< xamarinios) (< xamarinmac))
      System.Security.Cryptography.Algorithms (>= 4.3) - restriction: || (&& (>= net46) (< netstandard1.4)) (&& (< net46) (>= netstandard1.3) (< netstandard1.4) (< monoandroid)) (&& (< net46) (>= netstandard1.4) (< netstandard1.6) (< monoandroid)) (>= net461) (>= dnxcore50) (&& (>= netstandard1.6) (< monotouch) (< xamarinios) (< xamarinmac))
      System.Security.Cryptography.Encoding (>= 4.3) - restriction: || (&& (>= net46) (< netstandard1.4)) (&& (< net46) (>= netstandard1.3) (< netstandard1.4) (< monoandroid)) (&& (< net46) (>= netstandard1.4) (< netstandard1.6) (< monoandroid)) (>= net461) (>= dnxcore50) (&& (>= netstandard1.6) (< monotouch) (< xamarinios) (< xamarinmac))
    System.Text.Encoding (4.3.0) - restriction: || (&& (< net45) (>= netstandard1.0)) (&& (< net45) (>= netstandard1.3) (< monotouch) (< xamarinios) (< xamarinmac)) (&& (>= netstandard1.0) (>= win81)) (&& (>= netstandard1.3) (>= win81)) (>= wpa81)
    System.Text.Encoding.Extensions (4.3.0) - restriction: || (&& (< net45) (>= netstandard1.0)) (&& (>= netstandard1.0) (>= win81)) (>= wpa81)
    System.Text.RegularExpressions (4.3.0) - restriction: || (&& (< net45) (>= netstandard1.0)) (&& (>= netstandard1.0) (>= win81)) (>= wpa81)
    System.Threading (4.3.0) - restriction: || (&& (< net45) (>= netstandard1.0)) (&& (< net45) (>= netstandard1.3) (< monotouch) (< xamarinios) (< xamarinmac)) (&& (>= netstandard1.0) (>= win81)) (&& (>= netstandard1.3) (>= win81)) (>= wpa81)
    System.Threading.Tasks (4.3.0) - restriction: || (&& (< net45) (>= netstandard1.0)) (&& (< net45) (>= netstandard1.3) (< monotouch) (< xamarinios) (< xamarinmac)) (&& (>= netstandard1.0) (>= win81)) (&& (>= netstandard1.3) (>= win81)) (>= wpa81)
    System.Threading.Timer (4.3.0) - restriction: || (&& (< net45) (>= netstandard1.2)) (&& (>= netstandard1.2) (>= win81)) (>= wpa81)
    System.Xml.ReaderWriter (4.3.0) - restriction: || (&& (< net45) (>= netstandard1.0)) (&& (>= netstandard1.0) (>= win81)) (>= wpa81)
    System.Xml.XDocument (4.3.0) - restriction: || (&& (< net45) (>= netstandard1.0)) (&& (>= netstandard1.0) (>= win81)) (>= wpa81)
